PATH
  remote: .
  specs:
    ruby-kafka (0.3.15.beta3)

GEM
  remote: https://rubygems.org/
  specs:
    activesupport (4.2.5)
      i18n (~> 0.7)
      json (~> 1.7, >= 1.7.7)
      minitest (~> 5.1)
      thread_safe (~> 0.3, >= 0.3.4)
      tzinfo (~> 1.1)
    benchmark-perf (0.1.0)
    builder (3.2.2)
    coderay (1.1.0)
    colored (1.2)
    diff-lcs (1.2.5)
    docker-api (1.25.0)
      excon (>= 0.38.0)
      json
    dogstatsd-ruby (1.6.0)
    dotenv (2.1.0)
    excon (0.45.4)
    i18n (0.7.0)
    json (1.8.3)
    method_source (0.8.2)
    minitest (5.8.3)
    pry (0.9.12.6)
      coderay (~> 1.0)
      method_source (~> 0.8)
      slop (~> 3.4)
    rake (10.5.0)
    rspec (3.4.0)
      rspec-core (~> 3.4.0)
      rspec-expectations (~> 3.4.0)
      rspec-mocks (~> 3.4.0)
    rspec-benchmark (0.1.0)
      benchmark-perf (~> 0.1.0)
      rspec (>= 3.0.0, < 4.0.0)
    rspec-core (3.4.1)
      rspec-support (~> 3.4.0)
    rspec-expectations (3.4.0)
      diff-lcs (>= 1.2.0, < 2.0)
      rspec-support (~> 3.4.0)
    rspec-mocks (3.4.1)
      diff-lcs (>= 1.2.0, < 2.0)
      rspec-support (~> 3.4.0)
    rspec-support (3.4.1)
    rspec_junit_formatter (0.2.2)
      builder (< 4)
      rspec-core (>= 2, < 4, != 2.12.0)
    ruby-prof (0.15.9)
    slop (3.6.0)
    snappy (0.0.12)
    thread_safe (0.3.5)
    timecop (0.8.0)
    tzinfo (1.2.2)
      thread_safe (~> 0.1)

PLATFORMS
  ruby

DEPENDENCIES
  activesupport
  bundler (>= 1.9.5)
  colored
  docker-api
  dogstatsd-ruby
  dotenv
  pry
  rake (~> 10.0)
  rspec
  rspec-benchmark
  rspec_junit_formatter (= 0.2.2)
  ruby-kafka!
  ruby-prof
  snappy
  timecop

RUBY VERSION
   ruby 2.2.3p173

BUNDLED WITH
   1.12.0
